GEM
  remote: http://rubygems.org/
  specs:
    geoip (0.8.9)
    haml (3.1.1)
    mm_geoip (0.0.2)
      geoip
    rack (1.3.0)
    sinatra (1.2.6)
      rack (~> 1.1)
      tilt (< 2.0, >= 1.2.2)
    tilt (1.3.2)

PLATFORMS
  ruby

DEPENDENCIES
  haml
  mm_geoip
  sinatra
